GIT
  remote: git://github.com/Hobo/hobo_bootstrap.git
  revision: 378119ae90121676872d99a966b49e33df927931
  specs:
    hobo_bootstrap (2.0.0.pre5)
      bootstrap-sass (~> 2.1)
      hobo (~> 2.0.0.pre1)
      hobo_jquery_ui (~> 2.0.0.pre1)
      will_paginate-bootstrap (~> 0.2.1)

GIT
  remote: git://github.com/Hobo/will_paginate.git
  revision: cc7ef01551b94fe4f607e38929037234dc70bb62
  specs:
    will_paginate (3.0.4.hobo)

GIT
  remote: git://github.com/sporkrb/spork.git
  revision: 8ac98544869c3b4c5cf1f664b2d9281bb75c7e3e
  specs:
    spork (1.0.0rc3)

PATH
  remote: /home/ignacio/Trabajos/2_Proyectillos/Hobo/hobo
  specs:
    dryml (2.0.0.pre5)
      actionpack (~> 3.2.0)
      hobo_support (= 2.0.0.pre5)
    hobo (2.0.0.pre5)
      dryml (= 2.0.0.pre5)
      hobo_fields (= 2.0.0.pre5)
      hobo_support (= 2.0.0.pre5)
      will_paginate (~> 3.0.0)
    hobo_clean (2.0.0.pre5)
      hobo (= 2.0.0.pre5)
      hobo_jquery_ui (= 2.0.0.pre5)
    hobo_clean_admin (2.0.0.pre5)
      hobo_clean (= 2.0.0.pre5)
    hobo_jquery (2.0.0.pre5)
      hobo_rapid (= 2.0.0.pre5)
      jquery-rails (~> 2.0)
    hobo_jquery_ui (2.0.0.pre5)
      hobo (= 2.0.0.pre5)
      hobo_jquery (= 2.0.0.pre5)
      jquery-ui-themes (~> 0.0.4)
    hobo_rapid (2.0.0.pre5)
      hobo (= 2.0.0.pre5)

PATH
  remote: /home/ignacio/Trabajos/2_Proyectillos/Hobo/hobo/hobo_fields
  specs:
    hobo_fields (2.0.0.pre5)
      hobo_support (= 2.0.0.pre5)

PATH
  remote: /home/ignacio/Trabajos/2_Proyectillos/Hobo/hobo/hobo_support
  specs:
    hobo_support (2.0.0.pre5)
      rails (~> 3.2.0)

GEM
  remote: https://rubygems.org/
  specs:
    actionmailer (3.2.8)
      actionpack (= 3.2.8)
      mail (~> 2.4.4)
    actionpack (3.2.8)
      activemodel (= 3.2.8)
      activesupport (= 3.2.8)
      builder (~> 3.0.0)
      erubis (~> 2.7.0)
      journey (~> 1.0.4)
      rack (~> 1.4.0)
      rack-cache (~> 1.2)
      rack-test (~> 0.6.1)
      sprockets (~> 2.1.3)
    activemodel (3.2.8)
      activesupport (= 3.2.8)
      builder (~> 3.0.0)
    activerecord (3.2.8)
      activemodel (= 3.2.8)
      activesupport (= 3.2.8)
      arel (~> 3.0.2)
      tzinfo (~> 0.3.29)
    activeresource (3.2.8)
      activemodel (= 3.2.8)
      activesupport (= 3.2.8)
    activesupport (3.2.8)
      i18n (~> 0.6)
      multi_json (~> 1.0)
    acts_as_list (0.1.8)
    addressable (2.3.2)
    arel (3.0.2)
    bluecloth (2.2.0)
    bootstrap-sass (2.1.1.0)
    builder (3.0.4)
    capybara (1.1.2)
      mime-types (>= 1.16)
      nokogiri (>= 1.3.3)
      rack (>= 1.0.0)
      rack-test (>= 0.5.4)
      selenium-webdriver (~> 2.0)
      xpath (~> 0.1.4)
    childprocess (0.3.6)
      ffi (~> 1.0, >= 1.0.6)
    coffee-rails (3.2.2)
      coffee-script (>= 2.2.0)
      railties (~> 3.2.0)
    coffee-script (2.2.0)
      coffee-script-source
      execjs
    coffee-script-source (1.3.3)
    columnize (0.3.6)
    debugger (1.2.0)
      columnize (>= 0.3.1)
      debugger-linecache (~> 1.1.1)
      debugger-ruby_core_source (~> 1.1.3)
    debugger-linecache (1.1.2)
      debugger-ruby_core_source (>= 1.1.1)
    debugger-ruby_core_source (1.1.3)
    diff-lcs (1.1.3)
    erubis (2.7.0)
    execjs (1.4.0)
      multi_json (~> 1.0)
    ffi (1.1.5)
    hike (1.2.1)
    httparty (0.9.0)
      multi_json (~> 1.0)
      multi_xml
    i18n (0.6.1)
    journey (1.0.4)
    jquery-rails (2.1.3)
      railties (>= 3.1.0, < 5.0)
      thor (~> 0.14)
    jquery-ui-themes (0.0.7)
      httparty
    json (1.7.5)
    libwebsocket (0.1.5)
      addressable
    mail (2.4.4)
      i18n (>= 0.4.0)
      mime-types (~> 1.16)
      treetop (~> 1.4.8)
    mime-types (1.19)
    multi_json (1.3.6)
    multi_xml (0.5.1)
    nokogiri (1.5.5)
    polyglot (0.3.3)
    quiet_assets (1.0.1)
      railties (~> 3.1)
    rack (1.4.1)
    rack-cache (1.2)
      rack (>= 0.4)
    rack-ssl (1.3.2)
      rack
    rack-test (0.6.2)
      rack (>= 1.0)
    rails (3.2.8)
      actionmailer (= 3.2.8)
      actionpack (= 3.2.8)
      activerecord (= 3.2.8)
      activeresource (= 3.2.8)
      activesupport (= 3.2.8)
      bundler (~> 1.0)
      railties (= 3.2.8)
    railties (3.2.8)
      actionpack (= 3.2.8)
      activesupport (= 3.2.8)
      rack-ssl (~> 1.3.2)
      rake (>= 0.8.7)
      rdoc (~> 3.4)
      thor (>= 0.14.6, < 2.0)
    rake (0.9.2.2)
    rdoc (3.12)
      json (~> 1.4)
    rspec (2.11.0)
      rspec-core (~> 2.11.0)
      rspec-expectations (~> 2.11.0)
      rspec-mocks (~> 2.11.0)
    rspec-core (2.11.1)
    rspec-expectations (2.11.3)
      diff-lcs (~> 1.1.3)
    rspec-mocks (2.11.3)
    rspec-rails (2.11.4)
      actionpack (>= 3.0)
      activesupport (>= 3.0)
      railties (>= 3.0)
      rspec (~> 2.11.0)
    rubyzip (0.9.9)
    sass (3.2.1)
    sass-rails (3.2.5)
      railties (~> 3.2.0)
      sass (>= 3.1.10)
      tilt (~> 1.3)
    selenium-webdriver (2.26.0)
      childprocess (>= 0.2.5)
      libwebsocket (~> 0.1.3)
      multi_json (~> 1.0)
      rubyzip
    sprockets (2.1.3)
      hike (~> 1.2)
      rack (~> 1.0)
      tilt (~> 1.1, != 1.3.0)
    sqlite3 (1.3.6)
    thor (0.16.0)
    tilt (1.3.3)
    treetop (1.4.11)
      polyglot
      polyglot (>= 0.3.1)
    tzinfo (0.3.33)
    uglifier (1.3.0)
      execjs (>= 0.3.0)
      multi_json (~> 1.0, >= 1.0.2)
    will_paginate-bootstrap (0.2.1)
      will_paginate (>= 3.0.3)
    xpath (0.1.4)
      nokogiri (~> 1.3)

PLATFORMS
  ruby

DEPENDENCIES
  acts_as_list
  bluecloth
  capybara (= 1.1.2)
  coffee-rails (~> 3.2.1)
  debugger
  dryml!
  hobo!
  hobo_bootstrap!
  hobo_clean!
  hobo_clean_admin!
  hobo_fields!
  hobo_jquery!
  hobo_jquery_ui!
  hobo_rapid!
  hobo_support!
  jquery-rails
  jquery-ui-themes (~> 0.0.4)
  quiet_assets
  rails (= 3.2.8)
  rspec-rails (>= 2.5.0)
  sass-rails (~> 3.2.3)
  spork!
  sqlite3
  uglifier (>= 1.0.3)
  will_paginate!
